GEM
  remote: http://rubygems.org/
  specs:
    builder (2.1.2)
    daemons (1.1.0)
    eventmachine (0.12.10)
    haml (5.0.0)
      temple (>= 0.8.0)
      tilt
    happymapper (0.3.2)
      libxml-ruby (~> 1.1.3)
    json (1.4.6)
    libxml-ruby (1.1.4)
    mime-types (1.16)
    mustache (0.11.2)
    nokogiri (1.4.3.1)
    pivotal-tracker (0.2.0)
      builder
      happymapper (>= 0.2.4)
      nokogiri (~> 1.4.1)
      rest-client (~> 1.5.1)
    rack (1.2.1)
    rest-client (1.5.1)
      mime-types (>= 1.16)
    shotgun (0.8)
      rack (>= 1.0)
    sinatra (1.0)
      rack (>= 1.0)
    temple (0.8.2)
    thin (1.2.7)
      daemons (>= 1.0.9)
      eventmachine (>= 0.12.6)
      rack (>= 1.0.0)
    tilt (2.0.10)

PLATFORMS
  ruby

DEPENDENCIES
  haml
  json
  mustache
  pivotal-tracker (>= 0.1.3)
  shotgun
  sinatra
  thin
